GEM
  remote: https://rubygems.org/
  specs:
    sqlite3 (1.3.8-x86-mingw32)
    taglib-ruby (0.6.0-x86-mingw32)

PLATFORMS
  x86-mingw32

DEPENDENCIES
  sqlite3
  taglib-ruby
