GEM
  remote: https://rubygems.org/
  specs:
    haml (4.0.4)
      tilt
    sqlite3 (1.3.8-x86-mingw32)
    taglib-ruby (0.6.0-x86-mingw32)
    tilt (2.0.0)

PLATFORMS
  x86-mingw32

DEPENDENCIES
  haml
  sqlite3
  taglib-ruby
